GIT
  remote: https://github.com/lubo4kaTarasenko/pet_html
  revision: 3dabf5f1a53d0b59e4a52ff94800694c21bbe349
  branch: master
  specs:
    pet_html (0.0.5)

GEM
  specs:

PLATFORMS
  ruby

DEPENDENCIES
  pet_html (~> 0.0.5)!

BUNDLED WITH
   2.1.2
