PATH
  remote: ../pet_html
  specs:
    pet_html (0.0.3)

GEM
  specs:
    coderay (1.1.3)
    method_source (1.0.0)
    pry (0.13.1)
      coderay (~> 1.1)
      method_source (~> 1.0)

PLATFORMS
  ruby

DEPENDENCIES
  pet_html (= 0.0.3)!
  pry

BUNDLED WITH
   2.1.2
