GIT
  remote: https://github.com/lubo4kaTarasenko/pet_html
  revision: 339fbe8ea74d31db691a2b1d3901c11a5f4a6d8c
  branch: master
  specs:
    pet_html (0.0.5)

GEM
  specs:

PLATFORMS
  ruby

DEPENDENCIES
  pet_html (~> 0.0.5)!

BUNDLED WITH
   2.1.2
