GIT
  remote: https://github.com/lubo4kaTarasenko/pet_html
  revision: 6de23029d577690b6b1fc60fd32cc62c69797148
  branch: master
  specs:
    pet_html (0.0.5)

GEM
  specs:

PLATFORMS
  ruby

DEPENDENCIES
  pet_html (~> 0.0.5)!

BUNDLED WITH
   2.1.2
